GEM
  remote: https://rubygems.org/
  specs:
    builder (3.2.2)
    childprocess (0.5.3)
      ffi (~> 1.0, >= 1.0.11)
    cucumber (1.2.5)
      builder (>= 2.1.2)
      diff-lcs (>= 1.1.3)
      gherkin (~> 2.11.7)
      multi_json (~> 1.3)
    diff-lcs (1.1.3)
    ffi (1.9.3)
    gherkin (2.11.8)
      multi_json (~> 1.3)
    minitest (5.3.3)
    multi_json (1.10.1)
    rspec (2.12.0)
      rspec-core (~> 2.12.0)
      rspec-expectations (~> 2.12.0)
      rspec-mocks (~> 2.12.0)
    rspec-core (2.12.2)
    rspec-expectations (2.12.1)
      diff-lcs (~> 1.1.3)
    rspec-mocks (2.12.2)
    rubyzip (0.9.9)
    selenium-webdriver (2.35.1)
      childprocess (>= 0.2.5)
      multi_json (~> 1.0)
      rubyzip (< 1.0.0)
      websocket (~> 1.0.4)
    sqlite3 (1.3.9)
    websocket (1.0.7)

PLATFORMS
  ruby

DEPENDENCIES
  cucumber (~> 1.2.0)
  minitest
  rspec (~> 2.12.0)
  selenium-webdriver (~> 2.35.0)
  sqlite3
